GEM
  remote: https://rubygems.org/
  specs:
    hashie (3.3.2)

PLATFORMS
  ruby

DEPENDENCIES
  hashie (~> 3.3.2)

BUNDLED WITH
   1.11.2
